GEM
  remote: http://rubygems.org/
  specs:
    bourbon (2.1.1)
      sass (>= 3.1)
    filewatcher (0.1.5)
      trollop (>= 1.16.2)
    sass (3.2.1)
    slim (1.3.2)
      temple (~> 0.5.0)
      tilt (~> 1.3.3)
    temple (0.5.4)
    tilt (1.3.3)
    trollop (2.0)

PLATFORMS
  ruby

DEPENDENCIES
  bourbon
  filewatcher
  sass
  slim
