GEM
  remote: http://rubygems.org/
  specs:
    bourbon (2.1.1)
      sass (>= 3.1)
    filewatcher (0.1.5)
      trollop (>= 1.16.2)
    haml (3.1.7)
    sass (3.2.1)
    trollop (2.0)

PLATFORMS
  ruby

DEPENDENCIES
  bourbon
  filewatcher
  haml
  sass
